GEM
  remote: https://rubygems.org/
  specs:
    KraVs (1.0.0)
    crass (1.0.6)
    nokogiri (1.13.9-x86_64-darwin)
      racc (~> 1.4)
    racc (1.6.0)
    sanitize (6.0.0)
      crass (~> 1.0.2)
      nokogiri (>= 1.12.0)

PLATFORMS
  x86_64-darwin-20

DEPENDENCIES
  KraVs
  sanitize

BUNDLED WITH
   2.2.22
